GIT
  remote: git://github.com/yogo/yogo-project.git
  revision: e95fdcf788dc376e47766924843e3cb851d76551
  ref: e95fdcf788dc376e47766924843e3cb851d76551
  specs:
    yogo-project (0.5.3)
      carrierwave
      carrierwave-datamapper
      configatron
      data_mapper
      dm-is-remixable
      dm-postgres-adapter
      dm-sqlite-adapter
      dm-types
      facets
      rake
      yogo-operation

GIT
  remote: git://github.com/yogo/yogo-framework.git
  revision: 95b9c99e68e2816335b0fd3b122a48e5f8dfa4ef
  specs:
    yogo-framework (0.5.3)
      data_mapper
      dm-is-list
      dm-is-versioned
      dm-rest-adapter
      yogo-datamapper
      yogo-operation
      yogo-project

GIT
  remote: git://github.com/yogo/yogo-datamapper.git
  revision: 5db8c6d4d38e3ecb731c2e3a03921d7e5eed7e29
  ref: 5db8c6d4d38e3ecb731c2e3a03921d7e5eed7e29
  specs:
    yogo-datamapper (0.5.1)
      datamapper (= 1.2.0)
      dm-is-remixable
      yogo-operation
      yogo-support

GIT
  remote: git://github.com/yogo/yogo-operation.git
  revision: 7c9b793aa4ee9e8780e44def2aab2b80ac54a45a
  specs:
    yogo-operation (0.2.1)
      dataflow
      yogo-support

GIT
  remote: git://github.com/yogo/yogo-support.git
  revision: 297e22a9fd07be8fdbd6e2f2dfc753cfda3b0a16
  specs:
    yogo-support (0.2.1)

GIT
  remote: git@github.com:scleveland/dm-core.git
  revision: 59ad47cd52f55b99ad7d4f181803c651ec4ea287
  ref: 59ad47cd52f55b99ad7d4f181803c651ec4ea287
  specs:
    dm-core (1.2.1)
      addressable (~> 2.3, >= 2.3.5)

GIT
  remote: https://github.com/datamapper/dm-types.git
  revision: 613cc5698874bb7a55603e196e1923157e96df08
  ref: 613cc5698874bb7a55603e196e1923157e96df08
  specs:
    dm-types (1.2.2)
      bcrypt-ruby (~> 3.0)
      dm-core (~> 1.2.0)
      fastercsv (~> 1.5)
      json (~> 1.6)
      multi_json (~> 1.0)
      safe_yaml (~> 0.6.1)
      stringex (~> 1.4)
      uuidtools (~> 2.1)

GEM
  remote: http://rubygems.org/
  specs:
    actionmailer (3.2.0)
      actionpack (= 3.2.0)
      mail (~> 2.4.0)
    actionpack (3.2.0)
      activemodel (= 3.2.0)
      activesupport (= 3.2.0)
      builder (~> 3.0.0)
      erubis (~> 2.7.0)
      journey (~> 1.0.0)
      rack (~> 1.4.0)
      rack-cache (~> 1.1)
      rack-test (~> 0.6.1)
      sprockets (~> 2.1.2)
    activemodel (3.2.0)
      activesupport (= 3.2.0)
      builder (~> 3.0.0)
    activerecord (3.2.0)
      activemodel (= 3.2.0)
      activesupport (= 3.2.0)
      arel (~> 3.0.0)
      tzinfo (~> 0.3.29)
    activeresource (3.2.0)
      activemodel (= 3.2.0)
      activesupport (= 3.2.0)
    activesupport (3.2.0)
      i18n (~> 0.6)
      multi_json (~> 1.0)
    addressable (2.3.6)
    ansi (1.4.2)
    arel (3.0.3)
    bcrypt (3.1.7)
    bcrypt-ruby (3.1.5)
      bcrypt (>= 3.1.3)
    builder (3.0.4)
    carrierwave (0.8.0)
      activemodel (>= 3.2.0)
      activesupport (>= 3.2.0)
    carrierwave-datamapper (0.2.2)
      carrierwave (~> 0.8.0)
      dm-core (~> 1.1)
    configatron (4.2.0)
    data_mapper (1.2.0)
      dm-aggregates (~> 1.2.0)
      dm-constraints (~> 1.2.0)
      dm-core (~> 1.2.0)
      dm-migrations (~> 1.2.0)
      dm-serializer (~> 1.2.0)
      dm-timestamps (~> 1.2.0)
      dm-transactions (~> 1.2.0)
      dm-types (~> 1.2.0)
      dm-validations (~> 1.2.0)
    data_objects (0.10.14)
      addressable (~> 2.1)
    dataflow (0.3.1)
    datamapper (1.2.0)
      dm-aggregates (~> 1.2.0)
      dm-constraints (~> 1.2.0)
      dm-core (~> 1.2.0)
      dm-migrations (~> 1.2.0)
      dm-serializer (~> 1.2.0)
      dm-timestamps (~> 1.2.0)
      dm-transactions (~> 1.2.0)
      dm-types (~> 1.2.0)
      dm-validations (~> 1.2.0)
    devise (2.0.0)
      bcrypt-ruby (~> 3.0)
      orm_adapter (~> 0.0.3)
      railties (~> 3.1)
      warden (~> 1.1)
    dm-active_model (1.2.1)
      activemodel (~> 3.0)
      dm-core (~> 1.2.0)
    dm-adjust (1.2.0)
      dm-core (~> 1.2.0)
    dm-aggregates (1.2.0)
      dm-core (~> 1.2.0)
    dm-constraints (1.2.0)
      dm-core (~> 1.2.0)
    dm-devise (2.0.1)
      devise (>= 1.3)
      dm-core (>= 1.0.2, < 2.0)
      dm-migrations (>= 1.0.2, < 2.0)
      dm-rails (>= 1.0.2, < 2.0)
      dm-serializer (>= 1.0.2, < 2.0)
      dm-timestamps (>= 1.0.2, < 2.0)
    dm-do-adapter (1.2.0)
      data_objects (~> 0.10.6)
      dm-core (~> 1.2.0)
    dm-is-list (1.2.0)
      dm-adjust (~> 1.2.0)
    dm-is-nested_set (1.2.0)
      dm-adjust (~> 1.2.0)
    dm-is-remixable (1.2.0)
      dm-core (~> 1.2.0)
    dm-is-versioned (1.2.0)
      dm-core (~> 1.2.0)
    dm-migrations (1.2.0)
      dm-core (~> 1.2.0)
    dm-pager (1.1.0)
      dm-aggregates (>= 0.10.1)
      dm-core (>= 0.10.1)
    dm-postgres-adapter (1.2.0)
      dm-do-adapter (~> 1.2.0)
      do_postgres (~> 0.10.6)
    dm-rails (1.2.1)
      actionpack (~> 3.0)
      dm-active_model (~> 1.2.0)
      dm-core (~> 1.2.0)
      railties (~> 3.0)
    dm-rest-adapter (1.2.0)
      dm-serializer (~> 1.2.0)
    dm-serializer (1.2.2)
      dm-core (~> 1.2.0)
      fastercsv (~> 1.5)
      json (~> 1.6)
      json_pure (~> 1.6)
      multi_json (~> 1.0)
    dm-sqlite-adapter (1.2.0)
      dm-do-adapter (~> 1.2.0)
      do_sqlite3 (~> 0.10.6)
    dm-timestamps (1.2.0)
      dm-core (~> 1.2.0)
    dm-transactions (1.2.0)
      dm-core (~> 1.2.0)
    dm-validations (1.2.0)
      dm-core (~> 1.2.0)
    do_postgres (0.10.14)
      data_objects (= 0.10.14)
    do_sqlite3 (0.10.14)
      data_objects (= 0.10.14)
    erubis (2.7.0)
    execjs (1.3.0)
      multi_json (~> 1.0)
    facets (2.9.3)
    fastercsv (1.5.5)
    haml (4.0.5)
      tilt
    hike (1.2.3)
    hpricot (0.8.6)
    i18n (0.6.11)
    journey (1.0.4)
    jquery-rails (1.0.19)
      railties (~> 3.0)
      thor (~> 0.14)
    json (1.8.1)
    json_pure (1.8.1)
    mail (2.4.4)
      i18n (>= 0.4.0)
      mime-types (~> 1.16)
      treetop (~> 1.4.8)
    mime-types (1.25.1)
    multi_json (1.10.1)
    orm_adapter (0.0.7)
    polyglot (0.3.5)
    rack (1.4.5)
    rack-cache (1.2)
      rack (>= 0.4)
    rack-ssl (1.3.4)
      rack
    rack-test (0.6.2)
      rack (>= 1.0)
    rails (3.2.0)
      actionmailer (= 3.2.0)
      actionpack (= 3.2.0)
      activerecord (= 3.2.0)
      activeresource (= 3.2.0)
      activesupport (= 3.2.0)
      bundler (~> 1.0)
      railties (= 3.2.0)
    railties (3.2.0)
      actionpack (= 3.2.0)
      activesupport (= 3.2.0)
      rack-ssl (~> 1.3.2)
      rake (>= 0.8.7)
      rdoc (~> 3.4)
      thor (~> 0.14.6)
    rake (10.3.2)
    rdoc (3.12.2)
      json (~> 1.4)
    ruby_parser (2.3.1)
      sexp_processor (~> 3.0)
    rubyzip (0.9.6.1)
    safe_yaml (0.6.3)
    sass (3.2.1)
    sexp_processor (3.1.0)
    sprockets (2.1.3)
      hike (~> 1.2)
      rack (~> 1.0)
      tilt (~> 1.1, != 1.3.0)
    sqlite3 (1.3.5)
    stringex (1.5.1)
    thor (0.14.6)
    tilt (1.3.3)
    treetop (1.4.15)
      polyglot
      polyglot (>= 0.3.1)
    turn (0.9.4)
      ansi
    tzinfo (0.3.41)
    uglifier (1.2.3)
      execjs (>= 0.3.0)
      multi_json (>= 1.0.2)
    uuidtools (2.1.5)
    warden (1.2.3)
      rack (>= 1.0)

PLATFORMS
  ruby

DEPENDENCIES
  data_mapper (= 1.2.0)
  devise (= 2.0)
  dm-core!
  dm-devise
  dm-is-nested_set
  dm-pager
  dm-rails
  dm-types!
  haml
  hpricot
  jquery-rails
  rails (= 3.2)
  ruby_parser
  rubyzip
  sass
  sqlite3
  tilt
  turn
  uglifier
  yogo-datamapper!
  yogo-framework!
  yogo-operation!
  yogo-project!
  yogo-support!
